GEM
  remote: http://rubygems.org/
  specs:
    aaronh-chronic (0.3.9)
    abstract (1.0.0)
    actionmailer (3.0.3)
      actionpack (= 3.0.3)
      mail (~> 2.2.9)
    actionpack (3.0.3)
      activemodel (= 3.0.3)
      activesupport (= 3.0.3)
      builder (~> 2.1.2)
      erubis (~> 2.6.6)
      i18n (~> 0.4)
      rack (~> 1.2.1)
      rack-mount (~> 0.6.13)
      rack-test (~> 0.5.6)
      tzinfo (~> 0.3.23)
    activemodel (3.0.3)
      activesupport (= 3.0.3)
      builder (~> 2.1.2)
      i18n (~> 0.4)
    activerecord (3.0.3)
      activemodel (= 3.0.3)
      activesupport (= 3.0.3)
      arel (~> 2.0.2)
      tzinfo (~> 0.3.23)
    activeresource (3.0.3)
      activemodel (= 3.0.3)
      activesupport (= 3.0.3)
    activesupport (3.0.3)
    arel (2.0.6)
    bcrypt-ruby (2.1.2)
    bson (1.2.0)
    bson_ext (1.2.0)
    builder (2.1.2)
    cgi_multipart_eof_fix (2.5.0)
    columnize (0.3.2)
    curb (0.7.10)
    daemons (1.1.0)
    devise (1.1.3)
      bcrypt-ruby (~> 2.1.2)
      warden (~> 0.10.7)
    erubis (2.6.6)
      abstract (>= 1.0.0)
    fastthread (1.0.7)
    feedzirra (0.0.24)
      activesupport (>= 2.3.8)
      builder (>= 2.1.2)
      curb (>= 0.2.3)
      loofah (>= 0.3.1)
      nokogiri (> 0.0.0)
      sax-machine (>= 0.0.12)
    gem_plugin (0.2.3)
    i18n (0.5.0)
    linecache (0.43)
    loofah (1.0.0)
      nokogiri (>= 1.3.3)
    mail (2.2.14)
      activesupport (>= 2.3.6)
      i18n (>= 0.4.0)
      mime-types (~> 1.16)
      treetop (~> 1.4.8)
    mime-types (1.16)
    mongo (1.2.0)
      bson (>= 1.2.0)
    mongoid (2.0.0.rc.7)
      activemodel (~> 3.0)
      mongo (~> 1.2)
      tzinfo (~> 0.3.22)
      will_paginate (~> 3.0.pre)
    mongrel (1.1.5)
      cgi_multipart_eof_fix (>= 2.4)
      daemons (>= 1.0.3)
      fastthread (>= 1.0.1)
      gem_plugin (>= 0.2.3)
    nokogiri (1.4.3.1)
    polyglot (0.3.1)
    rack (1.2.1)
    rack-mount (0.6.13)
      rack (>= 1.0.0)
    rack-test (0.5.7)
      rack (>= 1.0)
    rails (3.0.3)
      actionmailer (= 3.0.3)
      actionpack (= 3.0.3)
      activerecord (= 3.0.3)
      activeresource (= 3.0.3)
      activesupport (= 3.0.3)
      bundler (~> 1.0)
      railties (= 3.0.3)
    railties (3.0.3)
      actionpack (= 3.0.3)
      activesupport (= 3.0.3)
      rake (>= 0.8.7)
      thor (~> 0.14.4)
    rake (0.8.7)
    ruby-debug (0.10.4)
      columnize (>= 0.1)
      ruby-debug-base (~> 0.10.4.0)
    ruby-debug-base (0.10.4)
      linecache (>= 0.3)
    sax-machine (0.0.16)
      nokogiri (> 0.0.0)
    thor (0.14.6)
    treetop (1.4.9)
      polyglot (>= 0.3.1)
    tzinfo (0.3.23)
    warden (0.10.7)
      rack (>= 1.0.0)
    whenever (0.6.2)
      aaronh-chronic (>= 0.3.9)
      activesupport (>= 2.3.4)
    will_paginate (3.0.pre2)
    wirble (0.1.3)

PLATFORMS
  ruby

DEPENDENCIES
  bson_ext
  devise
  feedzirra
  mongoid (= 2.0.0.rc.7)
  mongrel
  rails (= 3.0.3)
  ruby-debug
  whenever
  will_paginate (= 3.0.pre2)
  wirble
